GIT
  remote: git://github.com/jcoyne/kaminari.git
  revision: 7f7108e12bdd64eb5a76177633768feb14df5453
  branch: sufia
  specs:
    kaminari (1.0.0.alpha)
      actionpack (>= 3.0.0)
      activesupport (>= 3.0.0)

PATH
  remote: .
  specs:
    trifle (0.0.3)
      active-fedora
      active_fedora-noid
      bootstrap-sass (~> 3.3.5)
      bootstrap-sass-extras
      cancancan (~> 1.10)
      devise
      devise_ldap_authenticatable
      durham_rails (~> 0.0.13)
      hydra-pcdm (= 0.6.0)
      hydra-works (= 0.8.1)
      iiif-presentation
      jquery-rails
      jquery-ui-rails
      kaminari
      nokogiri
      oubliette_api
      rails (~> 4.2.5)
      resque
      resque-pool
      rsolr (~> 1.0)
      sass-rails (~> 5.0)
      schmit_api (~> 0.1.1)
      simple_form (~> 3.1.0)

PATH
  remote: /home/qgkb58/hydra/durham_rails
  specs:
    durham_rails (0.0.17)
      active-fedora (~> 9.13)
      httparty
      net-sftp
      rails (~> 4.2.5)
      redlock

PATH
  remote: /home/qgkb58/hydra/oubliette/oubliette_api
  specs:
    oubliette_api (0.0.1)
      durham_rails
      httmultiparty
      rails

PATH
  remote: /home/qgkb58/hydra/schmit/schmit_api
  specs:
    schmit_api (0.1.1)
      durham_rails (~> 0.0.12)
      httparty
      rails

GEM
  remote: https://rubygems.org/
  specs:
    actionmailer (4.2.5.2)
      actionpack (= 4.2.5.2)
      actionview (= 4.2.5.2)
      activejob (= 4.2.5.2)
      mail (~> 2.5, >= 2.5.4)
      rails-dom-testing (~> 1.0, >= 1.0.5)
    actionpack (4.2.5.2)
      actionview (= 4.2.5.2)
      activesupport (= 4.2.5.2)
      rack (~> 1.6)
      rack-test (~> 0.6.2)
      rails-dom-testing (~> 1.0, >= 1.0.5)
      rails-html-sanitizer (~> 1.0, >= 1.0.2)
    actionview (4.2.5.2)
      activesupport (= 4.2.5.2)
      builder (~> 3.1)
      erubis (~> 2.7.0)
      rails-dom-testing (~> 1.0, >= 1.0.5)
      rails-html-sanitizer (~> 1.0, >= 1.0.2)
    active-fedora (9.13.0)
      active-triples (~> 0.7.1)
      activemodel (>= 4.2, < 6)
      activesupport (>= 4.2.4, < 6)
      deprecation
      ldp (~> 0.5.0)
      linkeddata
      nom-xml (>= 0.5.1)
      om (~> 3.1)
      rdf-rdfxml (~> 1.1)
      rsolr (~> 1.0, >= 1.0.10)
      solrizer (~> 3.4)
    active-triples (0.7.6)
      activemodel (>= 3.0.0)
      activesupport (>= 3.0.0)
      deprecation (~> 1.0)
      linkeddata (~> 1.1)
      rdf (~> 1.1)
    active_fedora-noid (1.1.1)
      active-fedora (>= 9.7, < 11)
      noid (~> 0.7)
    activejob (4.2.5.2)
      activesupport (= 4.2.5.2)
      globalid (>= 0.3.0)
    activemodel (4.2.5.2)
      activesupport (= 4.2.5.2)
      builder (~> 3.1)
    activerecord (4.2.5.2)
      activemodel (= 4.2.5.2)
      activesupport (= 4.2.5.2)
      arel (~> 6.0)
    activesupport (4.2.5.2)
      i18n (~> 0.7)
      json (~> 1.7, >= 1.7.7)
      minitest (~> 5.1)
      thread_safe (~> 0.3, >= 0.3.4)
      tzinfo (~> 1.1)
    addressable (2.4.0)
    arel (6.0.3)
    autoprefixer-rails (6.3.6.2)
      execjs
    bcp47 (0.3.3)
      i18n
    bcrypt (3.1.11)
    binding_of_caller (0.7.2)
      debug_inspector (>= 0.0.1)
    bootstrap-sass (3.3.6)
      autoprefixer-rails (>= 5.2.1)
      sass (>= 3.3.4)
    bootstrap-sass-extras (0.0.7)
      rails (>= 3.1.0)
    builder (3.2.2)
    byebug (8.2.4)
    cancancan (1.13.1)
    capybara (2.7.0)
      addressable
      mime-types (>= 1.16)
      nokogiri (>= 1.3.3)
      rack (>= 1.0.0)
      rack-test (>= 0.5.4)
      xpath (~> 2.0)
    childprocess (0.5.9)
      ffi (~> 1.0, >= 1.0.11)
    concurrent-ruby (1.0.1)
    daemons (1.2.3)
    database_cleaner (1.5.2)
    debug_inspector (0.0.2)
    deprecation (1.0.0)
      activesupport
    devise (4.0.0)
      bcrypt (~> 3.0)
      orm_adapter (~> 0.1)
      railties (>= 4.1.0, < 5.1)
      responders
      warden (~> 1.2.3)
    devise_ldap_authenticatable (0.8.5)
      devise (>= 3.4.1)
      net-ldap (>= 0.6.0, <= 0.11)
    diff-lcs (1.2.5)
    ebnf (0.3.9)
      rdf (~> 1.1)
      sxp (~> 0.1, >= 0.1.3)
    equivalent-xml (0.6.0)
      nokogiri (>= 1.4.3)
    erubis (2.7.0)
    execjs (2.7.0)
    factory_girl (4.7.0)
      activesupport (>= 3.0.0)
    factory_girl_rails (4.7.0)
      factory_girl (~> 4.7.0)
      railties (>= 3.0.0)
    faraday (0.9.2)
      multipart-post (>= 1.2, < 3)
    ffi (1.9.10)
    globalid (0.3.6)
      activesupport (>= 4.1.0)
    haml (4.0.7)
      tilt
    hiredis (0.6.1)
    htmlentities (4.3.4)
    httmultiparty (0.3.16)
      httparty (>= 0.7.3)
      mimemagic
      multipart-post
    http_logger (0.5.1)
    httparty (0.13.7)
      json (~> 1.8)
      multi_xml (>= 0.5.2)
    hydra-derivatives (3.1.1)
      active-fedora (>= 9.0, < 11)
      activesupport (~> 4.0)
      deprecation
      mime-types (> 2.0, < 4.0)
      mini_magick (>= 3.2, < 5)
    hydra-file_characterization (0.3.3)
      activesupport (>= 3.0.0)
    hydra-pcdm (0.6.0)
      active-fedora (~> 9.11)
      mime-types (>= 1)
    hydra-works (0.8.1)
      hydra-derivatives (~> 3.0)
      hydra-file_characterization (~> 0.3, >= 0.3.3)
      hydra-pcdm (~> 0.5)
    i18n (0.7.0)
    iiif-presentation (0.1.0)
      activesupport (>= 3.2.18)
      faraday (~> 0.9.0)
      json
    jettywrapper (2.0.3)
      activesupport (>= 3.0.0)
      childprocess
      i18n
      logger
      rubyzip
    jquery-rails (4.1.1)
      rails-dom-testing (>= 1, < 3)
      railties (>= 4.2.0)
      thor (>= 0.14, < 2.0)
    jquery-ui-rails (5.0.5)
      railties (>= 3.2.16)
    json (1.8.3)
    json-ld (1.1.11.1)
      multi_json (~> 1.11)
      rdf (~> 1.1, >= 1.1.17, < 1.99)
    ladle (1.0.1)
      open4 (~> 1.0)
    ldp (0.5.0)
      deprecation
      faraday
      http_logger
      linkeddata (>= 1.1)
      rdf-vocab
      slop
    link_header (0.0.8)
    linkeddata (1.1.11.2)
      equivalent-xml (~> 0.5)
      json-ld (~> 1.1, >= 1.1.8, < 1.99)
      nokogiri (~> 1.6)
      rdf (~> 1.1, >= 1.1.11, < 1.99)
      rdf-aggregate-repo (~> 1.1, < 1.99)
      rdf-isomorphic (~> 1.1, < 1.99)
      rdf-json (~> 1.1, >= 1.1.2, < 1.99)
      rdf-microdata (~> 2.0, >= 2.0.1)
      rdf-n3 (~> 1.1, >= 1.1.3, < 1.99)
      rdf-rdfa (~> 1.1, >= 1.1.6, < 1.99)
      rdf-rdfxml (~> 1.1, >= 1.1.4, < 1.99)
      rdf-reasoner (~> 0.2, >= 0.2.1, < 1.99)
      rdf-tabular (~> 0.1, >= 0.1.2)
      rdf-trig (~> 1.1, >= 1.1.4, < 1.99)
      rdf-trix (~> 1.1, < 1.99)
      rdf-turtle (~> 1.1, >= 1.1.6, < 1.99)
      rdf-vocab (~> 0.8)
      rdf-xsd (~> 1.1, >= 1.1.3, < 1.99)
      sparql (~> 1.1, >= 1.1.5, < 1.99)
      sparql-client (~> 1.1, >= 1.1.3, < 1.99)
    logger (1.2.8)
    loofah (2.0.3)
      nokogiri (>= 1.5.9)
    mail (2.6.4)
      mime-types (>= 1.16, < 4)
    mime-types (3.0)
      mime-types-data (~> 3.2015)
    mime-types-data (3.2016.0221)
    mimemagic (0.3.1)
    mini_magick (4.5.1)
    mini_portile2 (2.1.0)
    minitest (5.9.0)
    mono_logger (1.1.0)
    multi_json (1.12.1)
    multi_xml (0.5.5)
    multipart-post (2.0.0)
    nest (2.0.0)
      redic
    net-http-persistent (2.9.4)
    net-ldap (0.11)
    net-sftp (2.1.2)
      net-ssh (>= 2.6.5)
    net-ssh (3.2.0)
    noid (0.9.0)
    nokogiri (1.6.8)
      mini_portile2 (~> 2.1.0)
      pkg-config (~> 1.1.7)
    nom-xml (0.5.4)
      activesupport (>= 3.2.18)
      i18n
      nokogiri
    om (3.1.1)
      activemodel
      activesupport
      nokogiri (>= 1.4.2)
      solrizer (~> 3.3)
    open4 (1.3.4)
    orm_adapter (0.5.0)
    pkg-config (1.1.7)
    rack (1.6.4)
    rack-protection (1.5.3)
      rack
    rack-test (0.6.3)
      rack (>= 1.0)
    rails (4.2.5.2)
      actionmailer (= 4.2.5.2)
      actionpack (= 4.2.5.2)
      actionview (= 4.2.5.2)
      activejob (= 4.2.5.2)
      activemodel (= 4.2.5.2)
      activerecord (= 4.2.5.2)
      activesupport (= 4.2.5.2)
      bundler (>= 1.3.0, < 2.0)
      railties (= 4.2.5.2)
      sprockets-rails
    rails-deprecated_sanitizer (1.0.3)
      activesupport (>= 4.2.0.alpha)
    rails-dom-testing (1.0.7)
      activesupport (>= 4.2.0.beta, < 5.0)
      nokogiri (~> 1.6.0)
      rails-deprecated_sanitizer (>= 1.0.1)
    rails-html-sanitizer (1.0.3)
      loofah (~> 2.0)
    railties (4.2.5.2)
      actionpack (= 4.2.5.2)
      activesupport (= 4.2.5.2)
      rake (>= 0.8.7)
      thor (>= 0.18.1, < 2.0)
    rake (11.1.2)
    rdf (1.1.17.1)
      link_header (~> 0.0, >= 0.0.8)
    rdf-aggregate-repo (1.1.0.1)
      rdf (~> 1.1, < 1.99)
    rdf-isomorphic (1.1.0.2)
      rdf (~> 1.1, >= 1.1.17, < 1.99)
    rdf-json (1.1.2.1)
      rdf (~> 1.1, < 1.99)
    rdf-microdata (2.0.2)
      htmlentities (~> 4.3)
      nokogiri (~> 1.6)
      rdf (~> 1.1)
      rdf-xsd (~> 1.1)
    rdf-n3 (1.1.3.1)
      rdf (~> 1.1, >= 1.1.17, < 1.99)
    rdf-rdfa (1.1.6.1)
      haml (~> 4.0)
      htmlentities (~> 4.3)
      rdf (~> 1.1, >= 1.1.6, < 1.99)
      rdf-aggregate-repo (~> 1.1, < 1.99)
      rdf-xsd (~> 1.1, < 1.99)
    rdf-rdfxml (1.1.5.1)
      htmlentities (~> 4.3)
      rdf (~> 1.1, >= 1.1.6, < 1.99)
      rdf-rdfa (~> 1.1, >= 1.1.4.1, < 1.99)
      rdf-xsd (~> 1.1, < 1.99)
    rdf-reasoner (0.3.0)
      rdf (~> 1.1, >= 1.1.4.2)
      rdf-turtle (~> 1.1)
      rdf-vocab (~> 0.8)
      rdf-xsd (~> 1.1)
    rdf-tabular (0.3.0)
      addressable (~> 2.3)
      bcp47 (~> 0.3, >= 0.3.3)
      json-ld (~> 1.1)
      rdf (~> 1.1, >= 1.1.7)
      rdf-vocab (~> 0.8)
      rdf-xsd (~> 1.1)
    rdf-trig (1.1.5.1)
      ebnf (~> 0.3, >= 0.3.7)
      rdf (~> 1.1, >= 1.1.11, < 1.99)
      rdf-turtle (~> 1.1, >= 1.1.7, < 1.99)
    rdf-trix (1.1.0.1)
      rdf (~> 1.1, < 1.99)
    rdf-turtle (1.1.8)
      ebnf (~> 0.3, >= 0.3.6)
      rdf (~> 1.1, >= 1.1.10)
    rdf-vocab (0.8.8)
      rdf (~> 1.1, >= 1.1.10)
    rdf-xsd (1.1.5.1)
      rdf (~> 1.1, >= 1.1.9, < 1.99)
    rdoc (4.2.2)
      json (~> 1.4)
    redic (1.5.0)
      hiredis
    redis (3.3.0)
    redis-namespace (1.5.2)
      redis (~> 3.0, >= 3.0.4)
    redis-session-store (0.8.1)
      actionpack (>= 3, < 5.1)
      redis
    redlock (0.1.8)
      redis (~> 3, >= 3.0.0)
    responders (2.1.2)
      railties (>= 4.2.0, < 5.1)
    resque (1.26.0)
      mono_logger (~> 1.0)
      multi_json (~> 1.0)
      redis-namespace (~> 1.3)
      sinatra (>= 0.9.2)
      vegas (~> 0.1.2)
    resque-pool (0.6.0)
      rake
      resque (~> 1.22)
    rsolr (1.1.1)
      builder (>= 2.1.2)
    rspec-core (3.4.4)
      rspec-support (~> 3.4.0)
    rspec-expectations (3.4.0)
      diff-lcs (>= 1.2.0, < 2.0)
      rspec-support (~> 3.4.0)
    rspec-mocks (3.4.1)
      diff-lcs (>= 1.2.0, < 2.0)
      rspec-support (~> 3.4.0)
    rspec-rails (3.4.2)
      actionpack (>= 3.0, < 4.3)
      activesupport (>= 3.0, < 4.3)
      railties (>= 3.0, < 4.3)
      rspec-core (~> 3.4.0)
      rspec-expectations (~> 3.4.0)
      rspec-mocks (~> 3.4.0)
      rspec-support (~> 3.4.0)
    rspec-support (3.4.1)
    rubyzip (1.2.0)
    sass (3.4.22)
    sass-rails (5.0.4)
      railties (>= 4.0.0, < 5.0)
      sass (~> 3.1)
      sprockets (>= 2.8, < 4.0)
      sprockets-rails (>= 2.0, < 4.0)
      tilt (>= 1.1, < 3)
    sdoc (0.4.1)
      json (~> 1.7, >= 1.7.7)
      rdoc (~> 4.0)
    simple_form (3.1.1)
      actionpack (~> 4.0)
      activemodel (~> 4.0)
    sinatra (1.4.7)
      rack (~> 1.5)
      rack-protection (~> 1.4)
      tilt (>= 1.3, < 3)
    slop (4.3.0)
    solrizer (3.4.0)
      activesupport
      daemons
      nokogiri
      stomp
      xml-simple
    sparql (1.1.9)
      builder (~> 3.2)
      ebnf (~> 0.3, >= 0.3.9)
      rdf (~> 1.1, >= 1.1.13)
      rdf-aggregate-repo (~> 1.1, >= 1.1.0)
      rdf-xsd (~> 1.1)
      sparql-client (~> 1.1)
      sxp (~> 0.1)
    sparql-client (1.1.6.1)
      net-http-persistent (~> 2.9)
      rdf (~> 1.1, < 1.99)
    spring (1.7.1)
    sprockets (3.6.0)
      concurrent-ruby (~> 1.0)
      rack (> 1, < 3)
    sprockets-rails (3.0.4)
      actionpack (>= 4.0)
      activesupport (>= 4.0)
      sprockets (>= 3.0.0)
    sqlite3 (1.3.11)
    stomp (1.4.1)
    sxp (0.1.5)
    thor (0.19.1)
    thread_safe (0.3.5)
    tilt (2.0.5)
    tzinfo (1.2.2)
      thread_safe (~> 0.1)
    vegas (0.1.11)
      rack (>= 1.0.0)
    warden (1.2.6)
      rack (>= 1.0)
    web-console (2.3.0)
      activemodel (>= 4.0)
      binding_of_caller (>= 0.7.2)
      railties (>= 4.0)
      sprockets-rails (>= 2.0, < 4.0)
    xml-simple (1.1.5)
    xpath (2.0.0)
      nokogiri (~> 1.3)

PLATFORMS
  ruby

DEPENDENCIES
  byebug
  cancancan (~> 1.10)
  capybara
  database_cleaner
  devise
  devise_ldap_authenticatable
  durham_rails!
  factory_girl_rails
  jettywrapper
  kaminari!
  ladle
  nest
  oubliette_api!
  rails (~> 4.2.4)
  redis-session-store
  resque
  resque-pool
  rspec-rails
  schmit_api!
  sdoc (~> 0.4.0)
  spring
  sqlite3
  trifle!
  web-console (~> 2.0)

BUNDLED WITH
   1.12.5
