PATH
  remote: .
  specs:
    trifle_api (0.0.3)
      durham_rails
      httmultiparty
      rails

PATH
  remote: /home/qgkb58/hydra/durham_rails
  specs:
    durham_rails (0.0.18)
      active-fedora (~> 9.13)
      httparty
      net-sftp
      rails (~> 4.2.5)
      redlock

GEM
  remote: https://rubygems.org/
  specs:
    actionmailer (4.2.7.1)
      actionpack (= 4.2.7.1)
      actionview (= 4.2.7.1)
      activejob (= 4.2.7.1)
      mail (~> 2.5, >= 2.5.4)
      rails-dom-testing (~> 1.0, >= 1.0.5)
    actionpack (4.2.7.1)
      actionview (= 4.2.7.1)
      activesupport (= 4.2.7.1)
      rack (~> 1.6)
      rack-test (~> 0.6.2)
      rails-dom-testing (~> 1.0, >= 1.0.5)
      rails-html-sanitizer (~> 1.0, >= 1.0.2)
    actionview (4.2.7.1)
      activesupport (= 4.2.7.1)
      builder (~> 3.1)
      erubis (~> 2.7.0)
      rails-dom-testing (~> 1.0, >= 1.0.5)
      rails-html-sanitizer (~> 1.0, >= 1.0.2)
    active-fedora (9.13.0)
      active-triples (~> 0.7.1)
      activemodel (>= 4.2, < 6)
      activesupport (>= 4.2.4, < 6)
      deprecation
      ldp (~> 0.5.0)
      linkeddata
      nom-xml (>= 0.5.1)
      om (~> 3.1)
      rdf-rdfxml (~> 1.1)
      rsolr (~> 1.0, >= 1.0.10)
      solrizer (~> 3.4)
    active-triples (0.7.6)
      activemodel (>= 3.0.0)
      activesupport (>= 3.0.0)
      deprecation (~> 1.0)
      linkeddata (~> 1.1)
      rdf (~> 1.1)
    activejob (4.2.7.1)
      activesupport (= 4.2.7.1)
      globalid (>= 0.3.0)
    activemodel (4.2.7.1)
      activesupport (= 4.2.7.1)
      builder (~> 3.1)
    activerecord (4.2.7.1)
      activemodel (= 4.2.7.1)
      activesupport (= 4.2.7.1)
      arel (~> 6.0)
    activesupport (4.2.7.1)
      i18n (~> 0.7)
      json (~> 1.7, >= 1.7.7)
      minitest (~> 5.1)
      thread_safe (~> 0.3, >= 0.3.4)
      tzinfo (~> 1.1)
    addressable (2.5.0)
      public_suffix (~> 2.0, >= 2.0.2)
    arel (6.0.4)
    bcp47 (0.3.3)
      i18n
    builder (3.2.3)
    byebug (6.0.2)
    concurrent-ruby (1.0.4)
    daemons (1.2.4)
    deprecation (1.0.0)
      activesupport
    diff-lcs (1.2.5)
    ebnf (1.0.0)
      rdf (~> 1.1)
      sxp (~> 0.1, >= 0.1.3)
    equivalent-xml (0.6.0)
      nokogiri (>= 1.4.3)
    erubis (2.7.0)
    faraday (0.11.0)
      multipart-post (>= 1.2, < 3)
    globalid (0.3.7)
      activesupport (>= 4.1.0)
    haml (4.0.7)
      tilt
    htmlentities (4.3.4)
    httmultiparty (0.3.16)
      httparty (>= 0.7.3)
      mimemagic
      multipart-post
    http_logger (0.5.1)
    httparty (0.14.0)
      multi_xml (>= 0.5.2)
    i18n (0.8.0)
    json (1.8.6)
    json-ld (1.99.2)
      multi_json (~> 1.11)
      rdf (~> 1.99)
    ldp (0.5.0)
      deprecation
      faraday
      http_logger
      linkeddata (>= 1.1)
      rdf-vocab
      slop
    link_header (0.0.8)
    linkeddata (1.99.0)
      equivalent-xml (~> 0.6)
      json-ld (~> 1.99)
      nokogiri (~> 1.6)
      rdf (~> 1.99)
      rdf-aggregate-repo (~> 1.99)
      rdf-isomorphic (~> 1.99)
      rdf-json (~> 1.1, >= 1.1.2)
      rdf-microdata (~> 2.0, >= 2.0.2)
      rdf-n3 (~> 1.99)
      rdf-rdfa (~> 1.99)
      rdf-rdfxml (~> 1.1, >= 1.1.5)
      rdf-reasoner (~> 0.3)
      rdf-tabular (~> 0.3)
      rdf-trig (~> 1.99, >= 1.99.0.1)
      rdf-trix (~> 1.99)
      rdf-turtle (~> 1.99)
      rdf-vocab (~> 0.8, >= 0.8.6)
      rdf-xsd (~> 1.1, >= 1.1.5)
      sparql (~> 1.99)
      sparql-client (~> 1.99)
    loofah (2.0.3)
      nokogiri (>= 1.5.9)
    mail (2.6.4)
      mime-types (>= 1.16, < 4)
    mime-types (3.1)
      mime-types-data (~> 3.2015)
    mime-types-data (3.2016.0521)
    mimemagic (0.3.2)
    mini_portile2 (2.1.0)
    minitest (5.10.1)
    multi_json (1.12.1)
    multi_xml (0.6.0)
    multipart-post (2.0.0)
    net-http-persistent (2.9.4)
    net-sftp (2.1.2)
      net-ssh (>= 2.6.5)
    net-ssh (4.0.1)
    nokogiri (1.7.0.1)
      mini_portile2 (~> 2.1.0)
    nom-xml (0.6.0)
      activesupport (>= 3.2.18)
      i18n
      nokogiri
    om (3.1.1)
      activemodel
      activesupport
      nokogiri (>= 1.4.2)
      solrizer (~> 3.3)
    public_suffix (2.0.5)
    rack (1.6.5)
    rack-test (0.6.3)
      rack (>= 1.0)
    rails (4.2.7.1)
      actionmailer (= 4.2.7.1)
      actionpack (= 4.2.7.1)
      actionview (= 4.2.7.1)
      activejob (= 4.2.7.1)
      activemodel (= 4.2.7.1)
      activerecord (= 4.2.7.1)
      activesupport (= 4.2.7.1)
      bundler (>= 1.3.0, < 2.0)
      railties (= 4.2.7.1)
      sprockets-rails
    rails-deprecated_sanitizer (1.0.3)
      activesupport (>= 4.2.0.alpha)
    rails-dom-testing (1.0.8)
      activesupport (>= 4.2.0.beta, < 5.0)
      nokogiri (~> 1.6)
      rails-deprecated_sanitizer (>= 1.0.1)
    rails-html-sanitizer (1.0.3)
      loofah (~> 2.0)
    railties (4.2.7.1)
      actionpack (= 4.2.7.1)
      activesupport (= 4.2.7.1)
      rake (>= 0.8.7)
      thor (>= 0.18.1, < 2.0)
    rake (12.0.0)
    rdf (1.99.1)
      link_header (~> 0.0, >= 0.0.8)
    rdf-aggregate-repo (1.99.0)
      rdf (~> 1.99)
    rdf-isomorphic (1.99.0)
      rdf (~> 1.99)
    rdf-json (1.99.0)
      rdf (~> 1.99)
    rdf-microdata (2.0.2)
      htmlentities (~> 4.3)
      nokogiri (~> 1.6)
      rdf (~> 1.1)
      rdf-xsd (~> 1.1)
    rdf-n3 (1.99.0)
      rdf (~> 1.99)
    rdf-rdfa (1.99.1)
      haml (~> 4.0)
      htmlentities (~> 4.3)
      rdf (~> 1.99)
      rdf-aggregate-repo (~> 1.1)
      rdf-xsd (~> 1.1)
    rdf-rdfxml (1.99.0)
      htmlentities (~> 4.3)
      rdf (~> 1.99)
      rdf-rdfa (~> 1.99)
      rdf-xsd (~> 1.99)
    rdf-reasoner (0.3.0)
      rdf (~> 1.1, >= 1.1.4.2)
      rdf-turtle (~> 1.1)
      rdf-vocab (~> 0.8)
      rdf-xsd (~> 1.1)
    rdf-tabular (0.3.0)
      addressable (~> 2.3)
      bcp47 (~> 0.3, >= 0.3.3)
      json-ld (~> 1.1)
      rdf (~> 1.1, >= 1.1.7)
      rdf-vocab (~> 0.8)
      rdf-xsd (~> 1.1)
    rdf-trig (1.99.0.1)
      ebnf (~> 1.0)
      rdf (~> 1.99)
      rdf-turtle (~> 1.99)
    rdf-trix (1.99.0)
      rdf (~> 1.1)
    rdf-turtle (1.99.0)
      ebnf (~> 1.0)
      rdf (~> 1.99)
    rdf-vocab (0.8.8)
      rdf (~> 1.1, >= 1.1.10)
    rdf-xsd (1.99.0)
      rdf (~> 1.99)
    redis (3.3.3)
    redlock (0.2.0)
      redis (~> 3, >= 3.0.0)
    rsolr (1.1.2)
      builder (>= 2.1.2)
    rspec (3.3.0)
      rspec-core (~> 3.3.0)
      rspec-expectations (~> 3.3.0)
      rspec-mocks (~> 3.3.0)
    rspec-core (3.3.2)
      rspec-support (~> 3.3.0)
    rspec-expectations (3.3.1)
      diff-lcs (>= 1.2.0, < 2.0)
      rspec-support (~> 3.3.0)
    rspec-mocks (3.3.2)
      diff-lcs (>= 1.2.0, < 2.0)
      rspec-support (~> 3.3.0)
    rspec-support (3.3.0)
    slop (4.4.1)
    solrizer (3.4.1)
      activesupport
      daemons
      nokogiri
      stomp
      xml-simple
    sparql (1.99.1)
      builder (~> 3.2)
      ebnf (~> 1.0)
      rdf (~> 1.99)
      rdf-aggregate-repo (~> 1.99)
      rdf-xsd (~> 1.1)
      sparql-client (~> 1.1)
      sxp (~> 0.1)
    sparql-client (1.99.1)
      json (~> 1.8)
      net-http-persistent (~> 2.9)
      rdf (>= 1.99, < 3)
      tins (= 1.6.0)
    sprockets (3.7.1)
      concurrent-ruby (~> 1.0)
      rack (> 1, < 3)
    sprockets-rails (3.2.0)
      actionpack (>= 4.0)
      activesupport (>= 4.0)
      sprockets (>= 3.0.0)
    stomp (1.4.3)
    sxp (0.1.5)
    thor (0.19.4)
    thread_safe (0.3.5)
    tilt (2.0.6)
    tins (1.6.0)
    tzinfo (1.2.2)
      thread_safe (~> 0.1)
    xml-simple (1.1.5)

PLATFORMS
  ruby

DEPENDENCIES
  byebug
  durham_rails!
  rspec
  trifle_api!

BUNDLED WITH
   1.12.5
